GEM
  remote: https://rubygems.org/
  specs:
    hiredis (0.5.2)
    json (1.8.1)
    msgpack (0.5.9)
    nido (0.0.1)
    ohm (2.0.1)
      msgpack
      nido
      redic
    rack (1.5.2)
    rack-protection (1.5.3)
      rack
    redic (1.1.1)
      hiredis
    redis (3.1.0)
    sinatra (1.4.5)
      rack (~> 1.4)
      rack-protection (~> 1.4)
      tilt (~> 1.3, >= 1.3.4)
    tilt (1.4.1)

PLATFORMS
  ruby

DEPENDENCIES
  json
  ohm
  redis
  sinatra
